GEM
  remote: http://rubygems.org/
  specs:
    activesupport (3.0.7)
    addressable (2.2.5)
    attr_required (0.0.3)
    daemons (1.1.3)
    eventmachine (0.12.10)
    faraday (0.6.1)
      addressable (~> 2.2.4)
      multipart-post (~> 1.1.0)
      rack (< 2, >= 1.1.0)
    fb_graph (1.7.1)
      rack-oauth2 (>= 0.6.5)
    i18n (0.5.0)
    json (1.4.6)
    mime-types (1.16)
    multi_json (1.0.0)
    multi_xml (0.2.2)
    multipart-post (1.1.0)
    oa-core (0.2.5)
    oa-oauth (0.2.5)
      faraday (~> 0.6.1)
      multi_json (~> 1.0.0)
      multi_xml (~> 0.2.2)
      oa-core (= 0.2.5)
      oauth (~> 0.4.0)
      oauth2 (~> 0.4.1)
    oauth (0.4.4)
    oauth2 (0.4.1)
      faraday (~> 0.6.1)
      multi_json (>= 0.0.5)
    rack (1.2.2)
    rack-oauth2 (0.6.6)
      activesupport (>= 2.3)
      attr_required (>= 0.0.3)
      i18n
      json (>= 1.4.3)
      rack (>= 1.1)
      restclient_with_cert
    rest-client (1.6.1)
      mime-types (>= 1.16)
    restclient_with_cert (0.0.7)
      rest-client (>= 1.6)
    sinatra (1.2.3)
      rack (~> 1.1)
      tilt (< 2.0, >= 1.2.2)
    thin (1.2.11)
      daemons (>= 1.0.9)
      eventmachine (>= 0.12.6)
      rack (>= 1.0.0)
    tilt (1.2.2)

PLATFORMS
  ruby

DEPENDENCIES
  fb_graph
  json
  oa-oauth
  sinatra (= 1.2.3)
  thin
